PATH
  remote: .
  specs:
    prepper (0.1.0)
      sshkit
      tty-option
      zeitwerk

GEM
  remote: https://rubygems.org/
  specs:
    byebug (11.1.3)
    minitest (5.16.3)
    net-scp (4.0.0)
      net-ssh (>= 2.6.5, < 8.0.0)
    net-ssh (7.0.1)
    rake (12.3.3)
    sshkit (1.21.3)
      net-scp (>= 1.1.2)
      net-ssh (>= 2.8.0)
    tty-option (0.2.0)
    zeitwerk (2.6.6)

PLATFORMS
  ruby

DEPENDENCIES
  byebug
  minitest (~> 5.0)
  prepper!
  rake (~> 12.0)

BUNDLED WITH
   2.1.4
